GEM
  remote: https://rubygems.org/
  specs:
    RedCloth (4.2.9)
    activesupport (6.0.6.1)
      concurrent-ruby (~> 1.0, >= 1.0.2)
      i18n (>= 0.7, < 2)
      minitest (~> 5.1)
      tzinfo (~> 1.1)
      zeitwerk (~> 2.2, >= 2.2.2)
    blankslate (2.1.2.4)
    classifier (1.3.5)
      fast-stemmer (~> 1.0.0)
      mathn
      rake
    colorator (0.1)
    commander (4.1.6)
      highline (~> 1.6.11)
    concurrent-ruby (1.2.0)
    fast-stemmer (1.0.2)
    ffi (1.11.1)
    github-pages (15)
      RedCloth (= 4.2.9)
      jekyll (= 1.4.3)
      kramdown (= 1.3.1)
      liquid (= 2.5.5)
      maruku (= 0.7.0)
      rdiscount (= 2.1.7)
      redcarpet (= 2.3.0)
    highline (1.6.21)
    i18n (1.12.0)
      concurrent-ruby (~> 1.0)
    jekyll (1.4.3)
      classifier (~> 1.3)
      colorator (~> 0.1)
      commander (~> 4.1.3)
      liquid (~> 2.5.5)
      listen (~> 1.3)
      maruku (~> 0.7.0)
      pygments.rb (~> 0.5.0)
      redcarpet (~> 2.3.0)
      safe_yaml (~> 0.9.7)
      toml (~> 0.1.0)
    kramdown (1.3.1)
    liquid (2.5.5)
    listen (1.3.1)
      rb-fsevent (>= 0.9.3)
      rb-inotify (>= 0.9)
      rb-kqueue (>= 0.2)
    maruku (0.7.0)
    mathn (0.1.0)
    minitest (5.17.0)
    parslet (1.5.0)
      blankslate (~> 2.0)
    posix-spawn (0.3.15)
    pygments.rb (0.5.4)
      posix-spawn (~> 0.3.6)
      yajl-ruby (~> 1.1.0)
    rake (13.0.6)
    rb-fsevent (0.10.3)
    rb-inotify (0.10.0)
      ffi (~> 1.0)
    rb-kqueue (0.2.8)
      ffi (>= 0.5.0)
    rdiscount (2.1.7)
    redcarpet (2.3.0)
    safe_yaml (0.9.7)
    thread_safe (0.3.6)
    toml (0.1.2)
      parslet (~> 1.5.0)
    tzinfo (1.2.11)
      thread_safe (~> 0.1)
    tzinfo-data (1.2022.7)
      tzinfo (>= 1.0.0)
    wdm (0.1.1)
    yajl-ruby (1.1.0)
    zeitwerk (2.6.6)

PLATFORMS
  ruby

DEPENDENCIES
  github-pages
  tzinfo (~> 1.2)
  tzinfo-data
  wdm (~> 0.1.1)

RUBY VERSION
   ruby 2.5.1p57

BUNDLED WITH
   2.0.2
